GEM
  remote: http://rubygems.org/
  specs:
    emk-sinatra-url-for (0.2.1)
      sinatra (>= 0.9.1.1)
    haml (3.0.13)
    rack (1.2.0)
    ruby-openid (2.1.8)
    sinatra (1.0)
      rack (>= 1.0)

PLATFORMS
  ruby
  x86-mswin32

DEPENDENCIES
  emk-sinatra-url-for
  haml
  rack (= 1.2.0)
  ruby-openid
  sinatra
